PATH
  remote: .
  specs:
    rademade_admin (0.2.2)
      autoprefixer-rails (>= 5.2.0)
      bower-rails (>= 0.8.2)
      cancan (~> 1.6)
      carrierwave (~> 0.10)
      ckeditor (~> 4.0)
      coffee-rails (~> 4.0)
      configurations (~> 2.2.0)
      ejs (~> 1.1)
      i18n-js (>= 2.0)
      kaminari (~> 0.16)
      light_resizer (>= 0.1.7)
      mini_magick
      mongoid_sortable_relation (>= 0.0.9)
      rails (~> 4.0, < 4.3)
      sass-rails (>= 5.0)
      select2-rails (~> 3.5)
      simple_form (~> 3.1)
      turbolinks (~> 2.2)

GEM
  remote: https://rubygems.org/
  specs:
    actionmailer (4.2.4)
      actionpack (= 4.2.4)
      actionview (= 4.2.4)
      activejob (= 4.2.4)
      mail (~> 2.5, >= 2.5.4)
      rails-dom-testing (~> 1.0, >= 1.0.5)
    actionpack (4.2.4)
      actionview (= 4.2.4)
      activesupport (= 4.2.4)
      rack (~> 1.6)
      rack-test (~> 0.6.2)
      rails-dom-testing (~> 1.0, >= 1.0.5)
      rails-html-sanitizer (~> 1.0, >= 1.0.2)
    actionview (4.2.4)
      activesupport (= 4.2.4)
      builder (~> 3.1)
      erubis (~> 2.7.0)
      rails-dom-testing (~> 1.0, >= 1.0.5)
      rails-html-sanitizer (~> 1.0, >= 1.0.2)
    activejob (4.2.4)
      activesupport (= 4.2.4)
      globalid (>= 0.3.0)
    activemodel (4.2.4)
      activesupport (= 4.2.4)
      builder (~> 3.1)
    activerecord (4.2.4)
      activemodel (= 4.2.4)
      activesupport (= 4.2.4)
      arel (~> 6.0)
    activerecord_sortable (0.0.3)
      rails
    activesupport (4.2.4)
      i18n (~> 0.7)
      json (~> 1.7, >= 1.7.7)
      minitest (~> 5.1)
      thread_safe (~> 0.3, >= 0.3.4)
      tzinfo (~> 1.1)
    addressable (2.3.8)
    arel (6.0.3)
    autoprefixer-rails (6.0.3)
      execjs
      json
    bower-rails (0.10.0)
    bson (3.2.4)
    builder (3.2.2)
    cancan (1.6.10)
    capybara (2.5.0)
      mime-types (>= 1.16)
      nokogiri (>= 1.3.3)
      rack (>= 1.0.0)
      rack-test (>= 0.5.4)
      xpath (~> 2.0)
    capybara-screenshot (1.0.11)
      capybara (>= 1.0, < 3)
      launchy
    capybara-webkit (1.7.1)
      capybara (>= 2.3.0, < 2.6.0)
      json
    carrierwave (0.10.0)
      activemodel (>= 3.2.0)
      activesupport (>= 3.2.0)
      json (>= 1.7)
      mime-types (>= 1.16)
    carrierwave-mongoid (0.8.1)
      carrierwave (>= 0.8.0, < 0.11.0)
      mongoid (>= 3.0, < 6.0)
      mongoid-grid_fs (>= 1.3, < 3.0)
    ckeditor (4.1.3)
      cocaine
      orm_adapter (~> 0.5.0)
    climate_control (0.0.3)
      activesupport (>= 3.0)
    cocaine (0.5.7)
      climate_control (>= 0.0.3, < 1.0)
    coderay (1.1.0)
    coffee-rails (4.1.0)
      coffee-script (>= 2.2.0)
      railties (>= 4.0.0, < 5.0)
    coffee-script (2.4.1)
      coffee-script-source
      execjs
    coffee-script-source (1.9.1.1)
    configurations (2.2.0)
    connection_pool (2.2.0)
    coveralls (0.8.2)
      json (~> 1.8)
      rest-client (>= 1.6.8, < 2)
      simplecov (~> 0.10.0)
      term-ansicolor (~> 1.3)
      thor (~> 0.19.1)
    database_cleaner (1.5.0)
    diff-lcs (1.2.5)
    docile (1.1.5)
    domain_name (0.5.24)
      unf (>= 0.0.5, < 1.0.0)
    ejs (1.1.1)
    erubis (2.7.0)
    execjs (2.6.0)
    factory_girl (4.5.0)
      activesupport (>= 3.0.0)
    factory_girl_rails (4.5.0)
      factory_girl (~> 4.5.0)
      railties (>= 3.0.0)
    globalid (0.3.6)
      activesupport (>= 4.1.0)
    globalize (5.0.1)
      activemodel (>= 4.2.0, < 4.3)
      activerecord (>= 4.2.0, < 4.3)
    http-cookie (1.0.2)
      domain_name (~> 0.5)
    i18n (0.7.0)
    i18n-js (2.1.2)
      i18n
    json (1.8.3)
    kaminari (0.16.3)
      actionpack (>= 3.0.0)
      activesupport (>= 3.0.0)
    launchy (2.4.3)
      addressable (~> 2.3)
    light_resizer (0.1.7)
      rack (~> 1.5)
      rmagick (~> 2.13)
    loofah (2.0.3)
      nokogiri (>= 1.5.9)
    mail (2.6.3)
      mime-types (>= 1.16, < 3)
    method_source (0.8.2)
    mime-types (2.6.2)
    mini_magick (4.3.3)
    mini_portile (0.6.2)
    minitest (5.8.1)
    mongoid (4.0.2)
      activemodel (~> 4.0)
      moped (~> 2.0.0)
      origin (~> 2.1)
      tzinfo (>= 0.3.37)
    mongoid-grid_fs (2.2.1)
      mime-types (>= 1.0, < 3.0)
      mongoid (>= 3.0, < 6.0)
    mongoid-paranoia (1.0.1)
      activesupport
      mongoid (~> 4.0.0)
    mongoid-tree (2.0.1)
      mongoid (>= 4.0, < 6.0)
    mongoid_criteria_filter (0.0.6)
      mongoid
    mongoid_rails_migrations (1.0.0)
      activesupport (>= 3.2.0)
      bundler (>= 1.0.0)
      rails (>= 3.2.0)
      railties (>= 3.2.0)
    mongoid_sortable_relation (0.0.9)
      mongoid
      mongoid_criteria_filter
    moped (2.0.7)
      bson (~> 3.0)
      connection_pool (~> 2.0)
      optionable (~> 0.2.0)
    mysql2 (0.3.20)
    netrc (0.10.3)
    nokogiri (1.6.6.2)
      mini_portile (~> 0.6.0)
    optionable (0.2.0)
    origin (2.1.1)
    orm_adapter (0.5.0)
    pry (0.10.2)
      coderay (~> 1.1.0)
      method_source (~> 0.8.1)
      slop (~> 3.4)
    rack (1.6.4)
    rack-test (0.6.3)
      rack (>= 1.0)
    rails (4.2.4)
      actionmailer (= 4.2.4)
      actionpack (= 4.2.4)
      actionview (= 4.2.4)
      activejob (= 4.2.4)
      activemodel (= 4.2.4)
      activerecord (= 4.2.4)
      activesupport (= 4.2.4)
      bundler (>= 1.3.0, < 2.0)
      railties (= 4.2.4)
      sprockets-rails
    rails-deprecated_sanitizer (1.0.3)
      activesupport (>= 4.2.0.alpha)
    rails-dom-testing (1.0.7)
      activesupport (>= 4.2.0.beta, < 5.0)
      nokogiri (~> 1.6.0)
      rails-deprecated_sanitizer (>= 1.0.1)
    rails-html-sanitizer (1.0.2)
      loofah (~> 2.0)
    railties (4.2.4)
      actionpack (= 4.2.4)
      activesupport (= 4.2.4)
      rake (>= 0.8.7)
      thor (>= 0.18.1, < 2.0)
    rake (10.4.2)
    rest-client (1.8.0)
      http-cookie (>= 1.0.2, < 2.0)
      mime-types (>= 1.16, < 3.0)
      netrc (~> 0.7)
    rmagick (2.15.4)
    rspec (3.3.0)
      rspec-core (~> 3.3.0)
      rspec-expectations (~> 3.3.0)
      rspec-mocks (~> 3.3.0)
    rspec-core (3.3.2)
      rspec-support (~> 3.3.0)
    rspec-expectations (3.3.1)
      diff-lcs (>= 1.2.0, < 2.0)
      rspec-support (~> 3.3.0)
    rspec-mocks (3.3.2)
      diff-lcs (>= 1.2.0, < 2.0)
      rspec-support (~> 3.3.0)
    rspec-rails (3.3.3)
      actionpack (>= 3.0, < 4.3)
      activesupport (>= 3.0, < 4.3)
      railties (>= 3.0, < 4.3)
      rspec-core (~> 3.3.0)
      rspec-expectations (~> 3.3.0)
      rspec-mocks (~> 3.3.0)
      rspec-support (~> 3.3.0)
    rspec-support (3.3.0)
    sass (3.4.18)
    sass-rails (5.0.4)
      railties (>= 4.0.0, < 5.0)
      sass (~> 3.1)
      sprockets (>= 2.8, < 4.0)
      sprockets-rails (>= 2.0, < 4.0)
      tilt (>= 1.1, < 3)
    select2-rails (3.5.9.3)
      thor (~> 0.14)
    sequel (4.26.0)
    simple_form (3.2.0)
      actionpack (~> 4.0)
      activemodel (~> 4.0)
    simplecov (0.10.0)
      docile (~> 1.1.0)
      json (~> 1.8)
      simplecov-html (~> 0.10.0)
    simplecov-html (0.10.0)
    slop (3.6.0)
    spork (1.0.0rc4)
    spork-rails (4.0.0)
      rails (>= 3.0.0, < 5)
      spork (>= 1.0rc0)
    sprockets (3.3.5)
      rack (> 1, < 3)
    sprockets-rails (2.3.3)
      actionpack (>= 3.0)
      activesupport (>= 3.0)
      sprockets (>= 2.8, < 4.0)
    term-ansicolor (1.3.2)
      tins (~> 1.0)
    thor (0.19.1)
    thread_safe (0.3.5)
    tilt (2.0.1)
    tins (1.6.0)
    turbolinks (2.5.3)
      coffee-rails
    tzinfo (1.2.2)
      thread_safe (~> 0.1)
    unf (0.1.4)
      unf_ext
    unf_ext (0.0.7.1)
    xpath (2.0.0)
      nokogiri (~> 1.3)

PLATFORMS
  ruby

DEPENDENCIES
  activerecord_sortable
  capybara
  capybara-screenshot
  capybara-webkit
  carrierwave
  carrierwave-mongoid
  coveralls
  database_cleaner
  factory_girl_rails
  globalize
  mongoid
  mongoid-grid_fs
  mongoid-paranoia
  mongoid-tree
  mongoid_rails_migrations (= 1.0.0)
  mysql2 (~> 0.3, < 0.4)
  pry
  rademade_admin!
  rspec (~> 3.0)
  rspec-rails (~> 3.0)
  sequel
  simplecov
  spork-rails
